GEM
  remote: http://rubygems.org/
  specs:
    json (1.6.4)
    nokogiri (1.5.0)

PLATFORMS
  ruby

DEPENDENCIES
  json
  nokogiri
